GEM
  remote: https://rubygems.org/
  specs:
    addressable (2.3.5)
    blankslate (2.1.2.4)
    celluloid (0.15.2)
      timers (~> 1.1.0)
    coderay (1.1.0)
    faraday (0.9.0)
      multipart-post (>= 1.2, < 3)
    ffi (1.9.3)
    formatador (0.2.4)
    git (1.2.6)
    glean (0.0.17)
      git (~> 1.2)
      gli (~> 2.5)
      hashie (~> 2.0)
      json (~> 1.7)
      octokit (~> 2.0)
      toml (~> 0.0.3)
    gli (2.9.0)
    guard (2.3.0)
      formatador (>= 0.2.4)
      listen (~> 2.1)
      lumberjack (~> 1.0)
      pry (>= 0.9.12)
      thor (>= 0.18.1)
    guard-minitest (2.2.0)
      guard (~> 2.0)
      minitest (>= 3.0)
    hashie (2.0.5)
    json (1.8.1)
    listen (2.4.0)
      celluloid (>= 0.15.2)
      rb-fsevent (>= 0.9.3)
      rb-inotify (>= 0.9)
    lumberjack (1.0.4)
    method_source (0.8.2)
    minitest (5.2.2)
    multipart-post (2.0.0)
    octokit (2.7.1)
      sawyer (~> 0.5.2)
    parslet (1.5.0)
      blankslate (~> 2.0)
    pry (0.9.12.4)
      coderay (~> 1.0)
      method_source (~> 0.8)
      slop (~> 3.4)
    rake (10.1.1)
    rb-fsevent (0.9.4)
    rb-inotify (0.9.3)
      ffi (>= 0.5.0)
    sawyer (0.5.3)
      addressable (~> 2.3.5)
      faraday (~> 0.8, < 0.10)
    slop (3.4.7)
    thor (0.18.1)
    timers (1.1.0)
    toml (0.0.4)
      parslet

PLATFORMS
  ruby

DEPENDENCIES
  glean
  guard-minitest
  parslet
  rake
